GIT
  remote: git://github.com/asciidoctor/jekyll-asciidoc.git
  revision: 8c79d4d078d148616184890fefbe3f970780705c
  specs:
    jekyll-asciidoc (2.0.0.dev)
      asciidoctor (>= 1.5.0)
      jekyll (>= 2.3.0)

GEM
  remote: https://rubygems.org/
  specs:
    addressable (2.4.0)
    asciidoctor (1.5.4)
    asciidoctor-diagram (1.4.0)
      asciidoctor (~> 1.5.0)
    backports (3.6.8)
    coderay (1.1.1)
    colorator (0.1)
    em-websocket (0.5.1)
      eventmachine (>= 0.12.9)
      http_parser.rb (~> 0.6.0)
    ethon (0.9.0)
      ffi (>= 1.3.0)
    eventmachine (1.2.0.1)
    faraday (0.9.2)
      multipart-post (>= 1.2, < 3)
    faraday_middleware (0.10.0)
      faraday (>= 0.7.4, < 0.10)
    ffi (1.9.10)
    gh (0.14.0)
      addressable
      backports
      faraday (~> 0.8)
      multi_json (~> 1.0)
      net-http-persistent (>= 2.7)
      net-http-pipeline
    hawkins (2.0.4)
      em-websocket (~> 0.5)
      jekyll (~> 3.1)
    highline (1.7.8)
    http_parser.rb (0.6.0)
    jekyll (3.1.6)
      colorator (~> 0.1)
      jekyll-sass-converter (~> 1.0)
      jekyll-watch (~> 1.1)
      kramdown (~> 1.3)
      liquid (~> 3.0)
      mercenary (~> 0.3.3)
      rouge (~> 1.7)
      safe_yaml (~> 1.0)
    jekyll-sass-converter (1.4.0)
      sass (~> 3.4)
    jekyll-watch (1.4.0)
      listen (~> 3.0, < 3.1)
    json (1.8.3)
    kramdown (1.11.1)
    launchy (2.4.3)
      addressable (~> 2.3)
    liquid (3.0.6)
    listen (3.0.8)
      rb-fsevent (~> 0.9, >= 0.9.4)
      rb-inotify (~> 0.9, >= 0.9.7)
    mercenary (0.3.6)
    multi_json (1.12.1)
    multipart-post (2.0.0)
    net-http-persistent (2.9.4)
    net-http-pipeline (1.0.1)
    pusher-client (0.6.2)
      json
      websocket (~> 1.0)
    rake (10.5.0)
    rake-jekyll (1.1.0)
      rake (~> 10.0)
    rb-fsevent (0.9.7)
    rb-inotify (0.9.7)
      ffi (>= 0.5.0)
    rouge (1.11.1)
    safe_yaml (1.0.4)
    sass (3.4.22)
    travis (1.8.2)
      backports
      faraday (~> 0.9)
      faraday_middleware (~> 0.9, >= 0.9.1)
      gh (~> 0.13)
      highline (~> 1.6)
      launchy (~> 2.1)
      pusher-client (~> 0.4)
      typhoeus (~> 0.6, >= 0.6.8)
    typhoeus (0.8.0)
      ethon (>= 0.8.0)
    websocket (1.2.3)

PLATFORMS
  ruby

DEPENDENCIES
  asciidoctor-diagram
  coderay (= 1.1.1)
  hawkins
  jekyll (~> 3.1.6)
  jekyll-asciidoc!
  rake-jekyll (~> 1.1.0)
  travis

RUBY VERSION
   ruby 2.3.0p0

BUNDLED WITH
   1.13.4
